GEM
  remote: http://rubygems.org/
  remote: http://gems.github.com/
  specs:
    activesupport (2.3.10)
    archive-tar-minitar (0.5.2)
    bluecloth (2.0.9)
    builder (2.1.2)
    columnize (0.3.2)
    cucumber (0.9.4)
      builder (~> 2.1.2)
      diff-lcs (~> 1.1.2)
      gherkin (~> 2.2.9)
      json (~> 1.4.6)
      term-ansicolor (~> 1.0.5)
    diff-lcs (1.1.2)
    gherkin (2.2.9)
      json (~> 1.4.6)
      term-ansicolor (~> 1.0.5)
    git (1.2.5)
    json (1.4.6)
    linecache19 (0.5.11)
      ruby_core_source (>= 0.1.4)
    mhennemeyer-output_catcher (1.0.1)
    mocha (0.9.10)
      rake
    rake (0.8.7)
    rcov (0.9.9)
    redgreen (1.2.2)
    rr (1.0.2)
    ruby-debug-base19 (0.11.24)
      columnize (>= 0.3.1)
      linecache19 (>= 0.5.11)
      ruby_core_source (>= 0.1.4)
    ruby-debug19 (0.11.6)
      columnize (>= 0.3.1)
      linecache19 (>= 0.5.11)
      ruby-debug-base19 (>= 0.11.19)
    ruby_core_source (0.1.4)
      archive-tar-minitar (>= 0.5.2)
    shoulda (2.11.3)
    term-ansicolor (1.0.5)
    test-construct (1.2.0)
    timecop (0.3.5)
    yard (0.6.3)

PLATFORMS
  ruby

DEPENDENCIES
  activesupport (~> 2.3.5)
  bluecloth
  bundler (~> 1.0.0)
  cucumber
  git (>= 1.2.5)
  mhennemeyer-output_catcher
  mocha
  rake
  rcov
  redgreen
  rr
  ruby-debug19
  shoulda
  test-construct
  timecop
  yard (~> 0.6.0)
